GEM
  remote: https://rubygems.org/
  specs:
    addressable (2.5.1)
      public_suffix (~> 2.0, >= 2.0.2)
    mini_portile2 (2.2.0)
    nokogiri (1.8.0)
      mini_portile2 (~> 2.2.0)
    public_suffix (2.0.5)

PLATFORMS
  ruby

DEPENDENCIES
  addressable
  nokogiri

BUNDLED WITH
   1.14.6
